GEM
  remote: https://rubygems.org/
  specs:
    chunky_png (1.3.8)

PLATFORMS
  ruby

DEPENDENCIES
  chunky_png (~> 1.3, >= 1.3.8)!

BUNDLED WITH
   1.11.2
